GEM
  remote: https://rubygems.org/
  specs:
    bacon (1.2.0)
    crack (0.4.2)
      safe_yaml (~> 1.0.0)
    curb (0.8.6)
    imgur (0.2.0)
      crack (>= 0.1.4)
      curb (>= 0.5.4.0)
    rack (1.5.2)
    rack-protection (1.5.3)
      rack
    safe_yaml (1.0.4)
    shotgun (0.9)
      rack (>= 1.0)
    sinatra (1.4.5)
      rack (~> 1.4)
      rack-protection (~> 1.4)
      tilt (~> 1.3, >= 1.3.4)
    sqlite3 (1.3.9)
    tilt (1.4.1)
    yard (0.8.7.6)

PLATFORMS
  ruby

DEPENDENCIES
  bacon (>= 1.2.0)
  crack (>= 0.4.2)
  curb (>= 0.8.6)
  imgur (>= 0.2.0)
  safe_yaml (>= 1.0.4)
  shotgun (>= 0.9)
  sinatra (>= 1.4.5)
  sqlite3 (>= 1.3.9)
  yard (>= 0.8.7.6)
